PATH
  remote: vendor/gems//fluxx_crm
  specs:
    fluxx_crm (0.0.21)

PATH
  remote: vendor/gems/fluxx_engine
  specs:
    fluxx_engine (0.0.21)
      aasm (= 2.2.0)
      acts_as_audited_rails3 (>= 1.1.2)
      authlogic
      delocalize
      fastercsv (>= 1.5.3)
      formtastic (= 1.1.0)
      haml (>= 3)
      jsmin (>= 1.0.1)
      liquid
      mysql
      paperclip
      pdfkit
      rails (= 3.0.7)
      ruby-net-ldap
      sass
      sqlite3
      thin (>= 1.2.7)
      thinking-sphinx (>= 2.0.1)
      will_paginate (~> 3.0.pre2)
      writeexcel (>= 0.6.1)

PATH
  remote: vendor/gems/fluxx_grant
  specs:
    fluxx_grant (0.0.17)
      aws-s3
      capistrano
      capistrano-ext
      crack
      delayed_job
      hoptoad_notifier
      httpi
      memcache-client (>= 1.8.5)
      ts-delayed-delta (>= 1.1.0)

GEM
  remote: http://gemcutter.org/
  specs:
    aasm (2.2.0)
    abstract (1.0.0)
    actionmailer (3.0.7)
      actionpack (= 3.0.7)
      mail (~> 2.2.15)
    actionpack (3.0.7)
      activemodel (= 3.0.7)
      activesupport (= 3.0.7)
      builder (~> 2.1.2)
      erubis (~> 2.6.6)
      i18n (~> 0.5.0)
      rack (~> 1.2.1)
      rack-mount (~> 0.6.14)
      rack-test (~> 0.5.7)
      tzinfo (~> 0.3.23)
    activemodel (3.0.7)
      activesupport (= 3.0.7)
      builder (~> 2.1.2)
      i18n (~> 0.5.0)
    activerecord (3.0.7)
      activemodel (= 3.0.7)
      activesupport (= 3.0.7)
      arel (~> 2.0.2)
      tzinfo (~> 0.3.23)
    activeresource (3.0.7)
      activemodel (= 3.0.7)
      activesupport (= 3.0.7)
    activesupport (3.0.7)
    acts_as_audited_rails3 (1.1.2)
      activerecord (>= 2.1)
    arel (2.0.10)
    authlogic (3.0.3)
      activerecord (>= 3.0.7)
      activerecord (>= 3.0.7)
    aws-s3 (0.6.2)
      builder
      mime-types
      xml-simple
    builder (2.1.2)
    capistrano (2.6.0)
      highline
      net-scp (>= 1.0.0)
      net-sftp (>= 2.0.0)
      net-ssh (>= 2.0.14)
      net-ssh-gateway (>= 1.1.0)
    capistrano-ext (1.2.1)
      capistrano (>= 1.0.0)
    capybara (0.3.7)
      culerity (>= 0.2.4)
      mime-types (>= 1.16)
      nokogiri (>= 1.3.3)
      rack (>= 1.0.0)
      rack-test (>= 0.5.2)
      selenium-webdriver (>= 0.0.3)
    childprocess (0.1.9)
      ffi (~> 1.0.6)
    columnize (0.3.2)
    crack (0.1.8)
    culerity (0.2.15)
    daemons (1.1.3)
    delayed_job (2.1.4)
      activesupport (~> 3.0)
      daemons
    delocalize (0.2.6)
    erubis (2.6.6)
      abstract (>= 1.0.0)
    eventmachine (0.12.10)
    faker (0.9.5)
      i18n (~> 0.4)
    fastercsv (1.5.4)
    ffi (1.0.9)
    formtastic (1.1.0)
      actionpack (>= 2.3.0)
      activesupport (>= 2.3.0)
      i18n (>= 0.4.0)
    haml (3.1.1)
    highline (1.6.2)
    hoptoad_notifier (2.4.11)
      activesupport
      builder
    httpi (0.9.4)
      pyu-ntlm-http (>= 0.1.3.1)
      rack
    i18n (0.5.0)
    jsmin (1.0.1)
    json_pure (1.5.1)
    linecache (0.43)
    liquid (2.2.2)
    machinist (1.0.6)
    mail (2.2.19)
      activesupport (>= 2.3.6)
      i18n (>= 0.4.0)
      mime-types (~> 1.16)
      treetop (~> 1.4.8)
    memcache-client (1.8.5)
    mime-types (1.16)
    mocha (0.9.12)
    mysql (2.8.1)
    net-scp (1.0.4)
      net-ssh (>= 1.99.1)
    net-sftp (2.0.5)
      net-ssh (>= 2.0.9)
    net-ssh (2.1.4)
    net-ssh-gateway (1.1.0)
      net-ssh (>= 1.99.1)
    nokogiri (1.4.4)
    paperclip (2.3.11)
      activerecord (>= 2.3.0)
      activesupport (>= 2.3.2)
    pdfkit (0.5.0)
    polyglot (0.3.1)
    pyu-ntlm-http (0.1.3.1)
    rack (1.2.3)
    rack-mount (0.6.14)
      rack (>= 1.0.0)
    rack-test (0.5.7)
      rack (>= 1.0)
    rails (3.0.7)
      actionmailer (= 3.0.7)
      actionpack (= 3.0.7)
      activerecord (= 3.0.7)
      activeresource (= 3.0.7)
      activesupport (= 3.0.7)
      bundler (~> 1.0)
      railties (= 3.0.7)
    railties (3.0.7)
      actionpack (= 3.0.7)
      activesupport (= 3.0.7)
      rake (>= 0.8.7)
      thor (~> 0.14.4)
    rake (0.9.2)
    rcov (0.9.9)
    riddle (1.3.3)
    ruby-debug (0.10.4)
      columnize (>= 0.1)
      ruby-debug-base (~> 0.10.4.0)
    ruby-debug-base (0.10.4)
      linecache (>= 0.3)
    ruby-net-ldap (0.0.4)
    rubyzip (0.9.4)
    sass (3.1.2)
    selenium-webdriver (0.2.1)
      childprocess (>= 0.1.7)
      ffi (>= 1.0.7)
      json_pure
      rubyzip
    sqlite3 (1.3.3)
    thin (1.2.11)
      daemons (>= 1.0.9)
      eventmachine (>= 0.12.6)
      rack (>= 1.0.0)
    thinking-sphinx (2.0.5)
      activerecord (>= 3.0.3)
      riddle (>= 1.3.3)
    thor (0.14.6)
    treetop (1.4.9)
      polyglot (>= 0.3.1)
    ts-delayed-delta (1.1.2)
      delayed_job (>= 2.1.0)
      thinking-sphinx (>= 1.3.6)
    tzinfo (0.3.27)
    will_paginate (3.0.pre2)
    writeexcel (0.6.5)
    xml-simple (1.0.16)

PLATFORMS
  ruby

DEPENDENCIES
  capybara (= 0.3.7)
  faker (>= 0.3.1)
  fluxx_crm!
  fluxx_engine!
  fluxx_grant!
  machinist (>= 1.0.6)
  mocha (>= 0.9)
  rcov
  ruby-debug (>= 0.10.3)
